GEM
  remote: https://rubygems.org/
  specs:
    daemons (1.2.3)
    eventmachine (1.0.7)
    json (1.8.3)
    rack (1.5.2)
    sass (3.4.16)
    sinatra (1.1.0)
      rack (~> 1.1)
      tilt (~> 1.1)
    thin (1.6.3)
      daemons (~> 1.0, >= 1.0.9)
      eventmachine (~> 1.0)
      rack (~> 1.0)
    tilt (1.4.1)

PLATFORMS
  x64-mingw32
  x86-mingw32

DEPENDENCIES
  json
  sass
  sinatra (= 1.1.0)
  thin

BUNDLED WITH
   1.10.6
