GEM
  remote: http://rubygems.org/
  specs:
    daemons (1.1.8)
    eventmachine (1.0.0.beta.4.1 x86-mingw32)
    rack (1.4.1)
    sass (3.1.19)
    sinatra (1.1.0)
      rack (~> 1.1)
      tilt (~> 1.1)
    thin (1.3.1)
      daemons (>= 1.0.9)
      eventmachine (>= 0.12.6)
      rack (>= 1.0.0)
    tilt (1.3.3)

PLATFORMS
  ruby

DEPENDENCIES
  sass
  sinatra (= 1.1.0)
  thin
